PATH
  remote: .
  specs:
    awesome_hstore_translate (0.4.0)
      activemodel (>= 5.0)
      activerecord (>= 5.0)

GEM
  remote: https://rubygems.org/
  specs:
    activemodel (7.0.3.1)
      activesupport (= 7.0.3.1)
    activerecord (7.0.3.1)
      activemodel (= 7.0.3.1)
      activesupport (= 7.0.3.1)
    activesupport (7.0.3.1)
      concurrent-ruby (~> 1.0, >= 1.0.2)
      i18n (>= 1.6, < 2)
      minitest (>= 5.1)
      tzinfo (~> 2.0)
    byebug (11.1.3)
    concurrent-ruby (1.1.10)
    database_cleaner (2.0.1)
      database_cleaner-active_record (~> 2.0.0)
    database_cleaner-active_record (2.0.1)
      activerecord (>= 5.a)
      database_cleaner-core (~> 2.0.0)
    database_cleaner-core (2.0.1)
    docile (1.4.0)
    i18n (1.11.0)
      concurrent-ruby (~> 1.0)
    minitest (5.14.4)
    pg (1.2.3)
    rake (13.0.6)
    simplecov (0.21.2)
      docile (~> 1.1)
      simplecov-html (~> 0.11)
      simplecov_json_formatter (~> 0.1)
    simplecov-html (0.12.3)
    simplecov_json_formatter (0.1.3)
    tzinfo (2.0.4)
      concurrent-ruby (~> 1.0)

PLATFORMS
  x86_64-linux

DEPENDENCIES
  awesome_hstore_translate!
  bundler (~> 2.2)
  byebug (~> 11.1)
  database_cleaner (~> 2.0)
  minitest (~> 5.0)
  pg (~> 1.2)
  rake (~> 13.0)
  simplecov (~> 0.21)

BUNDLED WITH
   2.2.22
